GEM
  remote: https://rubygems.org/
  specs:
    pg (0.18.4)

PLATFORMS
  ruby

DEPENDENCIES
  pg

RUBY VERSION
   ruby 2.2.3p173

BUNDLED WITH
   1.12.4
